GIT
  remote: https://github.com/doubtfire-overseer/bunny-pub-sub
  revision: 5e4f1acc99f0b1fd9a5fe3cbce6c8c55d94f7f1b
  specs:
    bunny-pub-sub (0.0.9)
      bunny (~> 2.14)

GEM
  remote: http://rubygems.org/
  specs:
    amq-protocol (2.3.0)
    bunny (2.14.3)
      amq-protocol (~> 2.3, >= 2.3.0)
    dotenv (2.7.5)
    ffi (1.11.1)
    listen (3.2.0)
      rb-fsevent (~> 0.10, >= 0.10.3)
      rb-inotify (~> 0.9, >= 0.9.10)
    rb-fsevent (0.10.3)
    rb-inotify (0.10.0)
      ffi (~> 1.0)
    rerun (0.13.0)
      listen (~> 3.0)
    rubyzip (2.0.0)
    rufo (0.7.0)

PLATFORMS
  ruby

DEPENDENCIES
  bunny (>= 2.14.1)
  bunny-pub-sub (= 0.0.9)!
  dotenv
  rerun
  rubyzip
  rufo

RUBY VERSION
   ruby 2.5.3p105

BUNDLED WITH
   2.0.2
